GEM
  remote: https://rubygems.org/
  specs:
    sqlite3 (1.5.4-arm64-darwin)

PLATFORMS
  arm64-darwin-21

DEPENDENCIES
  sqlite3

BUNDLED WITH
   2.3.26
